GEM
  remote: http://rubygems.org/
  specs:
    RedCloth (4.2.3)
    actionmailer (2.3.16)
      actionpack (= 2.3.16)
    actionpack (2.3.16)
      activesupport (= 2.3.16)
      rack (~> 1.1.0)
    activerecord (2.3.16)
      activesupport (= 2.3.16)
    activeresource (2.3.16)
      activesupport (= 2.3.16)
    activesupport (2.3.16)
    daemons (1.0.10)
    delayed_job (2.0.3)
      daemons
    fastercsv (1.4.0)
    joule (1.0.3)
      fastercsv (>= 1.4.0)
      nokogiri (>= 1.4.1)
    nokogiri (1.4.1)
    rack (1.1.5)
    rails (2.3.16)
      actionmailer (= 2.3.16)
      actionpack (= 2.3.16)
      activerecord (= 2.3.16)
      activeresource (= 2.3.16)
      activesupport (= 2.3.16)
      rake (>= 0.8.3)
    rake (10.0.3)
    tmail (1.2.7.1)
    will_paginate (2.3.15)

PLATFORMS
  ruby

DEPENDENCIES
  RedCloth
  delayed_job
  joule
  rails (= 2.3.16)
  tmail
  will_paginate
