GEM
  remote: https://rubygems.org/
  specs:
    RedCloth (4.2.3)
    actionmailer (2.3.18)
      actionpack (= 2.3.18)
    actionpack (2.3.18)
      activesupport (= 2.3.18)
      rack (~> 1.1.0)
    activerecord (2.3.18)
      activesupport (= 2.3.18)
    activeresource (2.3.18)
      activesupport (= 2.3.18)
    activesupport (2.3.18)
    daemons (1.0.10)
    delayed_job (2.0.3)
      daemons
    fastercsv (1.5.5)
    joule (1.0.3)
      fastercsv (>= 1.4.0)
      nokogiri (>= 1.4.1)
    nokogiri (1.4.1)
    pg (0.17.1)
    rack (1.1.6)
    rails (2.3.18)
      actionmailer (= 2.3.18)
      actionpack (= 2.3.18)
      activerecord (= 2.3.18)
      activeresource (= 2.3.18)
      activesupport (= 2.3.18)
      rake (>= 0.8.3)
    rake (10.3.2)
    sqlite3 (1.3.9)
    sqlite3-ruby (1.3.3)
      sqlite3 (>= 1.3.3)
    tmail (1.2.7.1)
    will_paginate (2.3.15)

PLATFORMS
  ruby

DEPENDENCIES
  RedCloth
  delayed_job
  fastercsv (~> 1.5.5)
  joule
  pg
  rails (= 2.3.18)
  sqlite3-ruby
  tmail
  will_paginate
